GEM
  remote: https://rubygems.org/
  specs:
    thor (0.20.1)

PLATFORMS
  ruby

DEPENDENCIES
  thor

BUNDLED WITH
   1.17.1
