GEM
  remote: https://rubygems.org/
  specs:
    thor (0.20.0)

PLATFORMS
  ruby

DEPENDENCIES
  thor (= 0.20.0)

RUBY VERSION
   ruby 2.5.3p105

BUNDLED WITH
   1.17.1
